GEM
  remote: https://rubygems.org/
  specs:
    byebug (10.0.2)
    chunky_png (1.3.11)
    coderay (1.1.2)
    dag (0.0.9)
    method_source (0.9.2)
    pry (0.12.2)
      coderay (~> 1.1.0)
      method_source (~> 0.9.0)
    pry-byebug (3.6.0)
      byebug (~> 10.0)
      pry (~> 0.10)
    pry-doc (0.13.5)
      pry (~> 0.11)
      yard (~> 0.9.11)
    term-ansicolor (1.7.0)
      tins (~> 1.0)
    tins (1.20.2)
    yard (0.9.16)

PLATFORMS
  ruby

DEPENDENCIES
  chunky_png
  dag
  pry
  pry-byebug
  pry-doc
  term-ansicolor

BUNDLED WITH
   1.17.2
